PATH
  remote: .
  specs:
    amalgalite (1.6.3)
      arrayfields (~> 4.9)

GEM
  remote: https://rubygems.org/
  specs:
    arrayfields (4.9.2)
    diff-lcs (1.4.4)
    docile (1.3.4)
    rake (13.0.3)
    rake-compiler (1.1.1)
      rake
    rake-compiler-dock (0.7.2)
    rdoc (6.3.0)
    rspec (3.10.0)
      rspec-core (~> 3.10.0)
      rspec-expectations (~> 3.10.0)
      rspec-mocks (~> 3.10.0)
    rspec-core (3.10.1)
      rspec-support (~> 3.10.0)
    rspec-expectations (3.10.1)
      diff-lcs (>= 1.2.0, < 2.0)
      rspec-support (~> 3.10.0)
    rspec-mocks (3.10.1)
      diff-lcs (>= 1.2.0, < 2.0)
      rspec-support (~> 3.10.0)
    rspec-support (3.10.1)
    simplecov (0.21.2)
      docile (~> 1.1)
      simplecov-html (~> 0.11)
      simplecov_json_formatter (~> 0.1)
    simplecov-html (0.12.3)
    simplecov_json_formatter (0.1.2)
    zip (2.0.2)

PLATFORMS
  x86_64-darwin-19

DEPENDENCIES
  amalgalite!
  rake (~> 13.0)
  rake-compiler (~> 1.0)
  rake-compiler-dock (~> 0.6)
  rdoc (~> 6.0)
  rspec (~> 3.0)
  simplecov (~> 0.14)
  zip (~> 2.0)

BUNDLED WITH
   2.2.5
