PATH
  remote: .
  specs:
    amalgalite (1.6.3)
      arrayfields (~> 4.9)

GEM
  remote: https://rubygems.org/
  specs:
    arrayfields (4.9.2)
    diff-lcs (1.3)
    docile (1.3.1)
    json (2.1.0)
    rake (12.3.3)
    rake-compiler (1.0.7)
      rake
    rake-compiler-dock (0.7.0)
    rdoc (5.1.0)
    rspec (3.8.0)
      rspec-core (~> 3.8.0)
      rspec-expectations (~> 3.8.0)
      rspec-mocks (~> 3.8.0)
    rspec-core (3.8.0)
      rspec-support (~> 3.8.0)
    rspec-expectations (3.8.2)
      diff-lcs (>= 1.2.0, < 2.0)
      rspec-support (~> 3.8.0)
    rspec-mocks (3.8.0)
      diff-lcs (>= 1.2.0, < 2.0)
      rspec-support (~> 3.8.0)
    rspec-support (3.8.0)
    simplecov (0.16.1)
      docile (~> 1.1)
      json (>= 1.8, < 3)
      simplecov-html (~> 0.10.0)
    simplecov-html (0.10.2)
    zip (2.0.2)

PLATFORMS
  ruby

DEPENDENCIES
  amalgalite!
  rake (~> 12.0)
  rake-compiler (~> 1.0)
  rake-compiler-dock (~> 0.6)
  rdoc (~> 5.0)
  rspec (~> 3.0)
  simplecov (~> 0.14)
  zip (~> 2.0)

BUNDLED WITH
   1.17.2
