PATH
  remote: .
  specs:
    amalgalite (1.9.5)

GEM
  remote: https://rubygems.org/
  specs:
    archive-zip (0.12.0)
      io-like (~> 0.3.0)
    diff-lcs (1.5.1)
    docile (1.4.1)
    io-like (0.3.1)
    psych (5.2.0)
      stringio
    rake (13.2.1)
    rake-compiler (1.2.8)
      rake
    rake-compiler-dock (1.5.2)
    rdoc (6.8.1)
      psych (>= 4.0.0)
    rspec (3.13.0)
      rspec-core (~> 3.13.0)
      rspec-expectations (~> 3.13.0)
      rspec-mocks (~> 3.13.0)
    rspec-core (3.13.2)
      rspec-support (~> 3.13.0)
    rspec-expectations (3.13.3)
      diff-lcs (>= 1.2.0, < 2.0)
      rspec-support (~> 3.13.0)
    rspec-mocks (3.13.2)
      diff-lcs (>= 1.2.0, < 2.0)
      rspec-support (~> 3.13.0)
    rspec-support (3.13.1)
    rspec_junit_formatter (0.6.0)
      rspec-core (>= 2, < 4, != 2.12.0)
    simplecov (0.22.0)
      docile (~> 1.1)
      simplecov-html (~> 0.11)
      simplecov_json_formatter (~> 0.1)
    simplecov-html (0.13.1)
    simplecov_json_formatter (0.1.4)
    stringio (3.1.2)

PLATFORMS
  arm64-darwin-21
  ruby
  x86_64-darwin-21
  x86_64-linux

DEPENDENCIES
  amalgalite!
  archive-zip (~> 0.12)
  rake (~> 13.0)
  rake-compiler (~> 1.2)
  rake-compiler-dock (~> 1.2)
  rdoc (~> 6.5)
  rspec (~> 3.12)
  rspec_junit_formatter (~> 0.6)
  simplecov (~> 0.21)

BUNDLED WITH
   2.5.23
