PATH
  remote: .
  specs:
    amalgalite (1.7.2)
      arrayfields (~> 4.9)

GEM
  remote: https://rubygems.org/
  specs:
    arrayfields (4.9.2)
    diff-lcs (1.5.0)
    docile (1.4.0)
    psych (4.0.4)
      stringio
    rake (13.0.6)
    rake-compiler (1.2.0)
      rake
    rake-compiler-dock (1.2.1)
    rdoc (6.4.0)
      psych (>= 4.0.0)
    rspec (3.11.0)
      rspec-core (~> 3.11.0)
      rspec-expectations (~> 3.11.0)
      rspec-mocks (~> 3.11.0)
    rspec-core (3.11.0)
      rspec-support (~> 3.11.0)
    rspec-expectations (3.11.0)
      diff-lcs (>= 1.2.0, < 2.0)
      rspec-support (~> 3.11.0)
    rspec-mocks (3.11.1)
      diff-lcs (>= 1.2.0, < 2.0)
      rspec-support (~> 3.11.0)
    rspec-support (3.11.0)
    rspec_junit_formatter (0.5.1)
      rspec-core (>= 2, < 4, != 2.12.0)
    simplecov (0.21.2)
      docile (~> 1.1)
      simplecov-html (~> 0.11)
      simplecov_json_formatter (~> 0.1)
    simplecov-html (0.12.3)
    simplecov_json_formatter (0.1.4)
    stringio (3.0.2)
    zip (2.0.2)

PLATFORMS
  ruby
  x86_64-darwin-19

DEPENDENCIES
  amalgalite!
  rake (~> 13.0)
  rake-compiler (~> 1.2)
  rake-compiler-dock (~> 1.2)
  rdoc (~> 6.4)
  rspec (~> 3.11)
  rspec_junit_formatter (~> 0.5)
  simplecov (~> 0.21)
  zip (~> 2.0)

BUNDLED WITH
   2.3.16
