PATH
  remote: .
  specs:
    amalgalite (1.7.3)
      arrayfields (~> 4.9)

GEM
  remote: https://rubygems.org/
  specs:
    archive-zip (0.12.0)
      io-like (~> 0.3.0)
    arrayfields (4.9.2)
    diff-lcs (1.5.0)
    docile (1.4.0)
    io-like (0.3.1)
    psych (5.0.2)
      stringio
    rake (13.0.6)
    rake-compiler (1.2.1)
      rake
    rake-compiler-dock (1.3.0)
    rdoc (6.5.0)
      psych (>= 4.0.0)
    rspec (3.12.0)
      rspec-core (~> 3.12.0)
      rspec-expectations (~> 3.12.0)
      rspec-mocks (~> 3.12.0)
    rspec-core (3.12.1)
      rspec-support (~> 3.12.0)
    rspec-expectations (3.12.2)
      diff-lcs (>= 1.2.0, < 2.0)
      rspec-support (~> 3.12.0)
    rspec-mocks (3.12.3)
      diff-lcs (>= 1.2.0, < 2.0)
      rspec-support (~> 3.12.0)
    rspec-support (3.12.0)
    rspec_junit_formatter (0.6.0)
      rspec-core (>= 2, < 4, != 2.12.0)
    simplecov (0.22.0)
      docile (~> 1.1)
      simplecov-html (~> 0.11)
      simplecov_json_formatter (~> 0.1)
    simplecov-html (0.12.3)
    simplecov_json_formatter (0.1.4)
    stringio (3.0.4)

PLATFORMS
  arm64-darwin-21
  ruby
  x86_64-darwin-21
  x86_64-linux

DEPENDENCIES
  amalgalite!
  archive-zip (~> 0.12)
  rake (~> 13.0)
  rake-compiler (~> 1.2)
  rake-compiler-dock (~> 1.2)
  rdoc (~> 6.5)
  rspec (~> 3.12)
  rspec_junit_formatter (~> 0.6)
  simplecov (~> 0.21)

BUNDLED WITH
   2.4.6
